PATH
  remote: .
  specs:
    sacps (0.0.1)
      activesupport
      builder (>= 2.0)
      nokogiri
      xmldsig (= 0.2.5)

GEM
  remote: https://rubygems.org/
  specs:
    activesupport (4.2.0)
      i18n (~> 0.7)
      json (~> 1.7, >= 1.7.7)
      minitest (~> 5.1)
      thread_safe (~> 0.3, >= 0.3.4)
      tzinfo (~> 1.1)
    builder (3.2.2)
    coderay (1.1.0)
    colorize (0.7.5)
    diff-lcs (1.2.5)
    dotenv (1.0.2)
    i18n (0.7.0)
    json (1.8.2)
    method_source (0.8.2)
    mini_portile (0.6.2)
    minitest (5.5.1)
    nokogiri (1.6.6.2)
      mini_portile (~> 0.6.0)
    priscilla (1.0.3)
      colorize (~> 0.7)
      rumoji (~> 0.3)
    pry (0.10.1)
      coderay (~> 1.1.0)
      method_source (~> 0.8.1)
      slop (~> 3.4)
    rake (10.1.1)
    rspec (3.1.0)
      rspec-core (~> 3.1.0)
      rspec-expectations (~> 3.1.0)
      rspec-mocks (~> 3.1.0)
    rspec-core (3.1.4)
      rspec-support (~> 3.1.0)
    rspec-expectations (3.1.1)
      diff-lcs (>= 1.2.0, < 2.0)
      rspec-support (~> 3.1.0)
    rspec-mocks (3.1.1)
      rspec-support (~> 3.1.0)
    rspec-support (3.1.0)
    rumoji (0.4.0)
    slop (3.6.0)
    thread_safe (0.3.4)
    timecop (0.8.0)
    tzinfo (1.2.2)
      thread_safe (~> 0.1)
    xmldsig (0.2.5)
      nokogiri

PLATFORMS
  ruby

DEPENDENCIES
  dotenv
  priscilla
  pry
  rake
  rspec
  sacps!
  timecop

BUNDLED WITH
   1.10.6
